GEM
  remote: https://rubygems.org/
  specs:
    ethon (0.9.0)
      ffi (>= 1.3.0)
    ffi (1.9.10)
    typhoeus (1.0.2)
      ethon (>= 0.9.0)

PLATFORMS
  ruby

DEPENDENCIES
  typhoeus (= 1.0.2)

BUNDLED WITH
   1.11.2
